GEM
  remote: https://rubygems.org/
  specs:
    actioncable (5.0.7)
      actionpack (= 5.0.7)
      nio4r (>= 1.2, < 3.0)
      websocket-driver (~> 0.6.1)
    actionmailer (5.0.7)
      actionpack (= 5.0.7)
      actionview (= 5.0.7)
      activejob (= 5.0.7)
      mail (~> 2.5, >= 2.5.4)
      rails-dom-testing (~> 2.0)
    actionpack (5.0.7)
      actionview (= 5.0.7)
      activesupport (= 5.0.7)
      rack (~> 2.0)
      rack-test (~> 0.6.3)
      rails-dom-testing (~> 2.0)
      rails-html-sanitizer (~> 1.0, >= 1.0.2)
    actionview (5.0.7)
      activesupport (= 5.0.7)
      builder (~> 3.1)
      erubis (~> 2.7.0)
      rails-dom-testing (~> 2.0)
      rails-html-sanitizer (~> 1.0, >= 1.0.3)
    activejob (5.0.7)
      activesupport (= 5.0.7)
      globalid (>= 0.3.6)
    activemodel (5.0.7)
      activesupport (= 5.0.7)
    activerecord (5.0.7)
      activemodel (= 5.0.7)
      activesupport (= 5.0.7)
      arel (~> 7.0)
    activesupport (5.0.7)
      concurrent-ruby (~> 1.0, >= 1.0.2)
      i18n (>= 0.7, < 2)
      minitest (~> 5.1)
      tzinfo (~> 1.1)
    addressable (2.5.2)
      public_suffix (>= 2.0.2, < 4.0)
    arel (7.1.4)
    binding_of_caller (0.8.0)
      debug_inspector (>= 0.0.1)
    builder (3.2.3)
    byebug (10.0.2)
    coffee-rails (4.1.1)
      coffee-script (>= 2.2.0)
      railties (>= 4.0.0, < 5.1.x)
    coffee-script (2.4.1)
      coffee-script-source
      execjs
    coffee-script-source (1.12.2)
    concurrent-ruby (1.0.5)
    config (1.7.0)
      activesupport (>= 3.0)
      deep_merge (~> 1.2.1)
      dry-validation (>= 0.10.4)
    crass (1.0.4)
    debug_inspector (0.0.3)
    declarative (0.0.10)
    declarative-option (0.1.0)
    deep_merge (1.2.1)
    domain_name (0.5.20180417)
      unf (>= 0.0.5, < 1.0.0)
    dry-configurable (0.7.0)
      concurrent-ruby (~> 1.0)
    dry-container (0.6.0)
      concurrent-ruby (~> 1.0)
      dry-configurable (~> 0.1, >= 0.1.3)
    dry-core (0.4.7)
      concurrent-ruby (~> 1.0)
    dry-equalizer (0.2.1)
    dry-inflector (0.1.2)
    dry-logic (0.4.2)
      dry-container (~> 0.2, >= 0.2.6)
      dry-core (~> 0.2)
      dry-equalizer (~> 0.2)
    dry-types (0.13.2)
      concurrent-ruby (~> 1.0)
      dry-container (~> 0.3)
      dry-core (~> 0.4, >= 0.4.4)
      dry-equalizer (~> 0.2)
      dry-inflector (~> 0.1, >= 0.1.2)
      dry-logic (~> 0.4, >= 0.4.2)
    dry-validation (0.12.2)
      concurrent-ruby (~> 1.0)
      dry-configurable (~> 0.1, >= 0.1.3)
      dry-core (~> 0.2, >= 0.2.1)
      dry-equalizer (~> 0.2)
      dry-logic (~> 0.4, >= 0.4.0)
      dry-types (~> 0.13.1)
    erubis (2.7.0)
    execjs (2.7.0)
    faker (1.9.1)
      i18n (>= 0.7)
    faraday (0.15.2)
      multipart-post (>= 1.2, < 3)
    ffi (1.9.25)
    globalid (0.4.1)
      activesupport (>= 4.2.0)
    google-api-client (0.21.2)
      addressable (~> 2.5, >= 2.5.1)
      googleauth (>= 0.5, < 0.7.0)
      httpclient (>= 2.8.1, < 3.0)
      mime-types (~> 3.0)
      representable (~> 3.0)
      retriable (>= 2.0, < 4.0)
    google_drive (2.1.11)
      google-api-client (>= 0.11.0, < 0.22.0)
      googleauth (>= 0.5.0, < 1.0.0)
      nokogiri (>= 1.5.3, < 2.0.0)
    googleauth (0.6.6)
      faraday (~> 0.12)
      jwt (>= 1.4, < 3.0)
      memoist (~> 0.12)
      multi_json (~> 1.11)
      os (>= 0.9, < 2.0)
      signet (~> 0.7)
    http-cookie (1.0.3)
      domain_name (~> 0.5)
    httpclient (2.8.3)
    i18n (1.1.0)
      concurrent-ruby (~> 1.0)
    jbuilder (2.7.0)
      activesupport (>= 4.2.0)
      multi_json (>= 1.2)
    jquery-rails (4.3.3)
      rails-dom-testing (>= 1, < 3)
      railties (>= 4.2.0)
      thor (>= 0.14, < 2.0)
    json (1.8.6)
    jwt (2.1.0)
    loofah (2.2.2)
      crass (~> 1.0.2)
      nokogiri (>= 1.5.9)
    mail (2.7.0)
      mini_mime (>= 0.1.1)
    memoist (0.16.0)
    method_source (0.9.0)
    mime-types (3.2.2)
      mime-types-data (~> 3.2015)
    mime-types-data (3.2018.0812)
    mini_mime (1.0.1)
    mini_portile2 (2.3.0)
    minitest (5.11.3)
    multi_json (1.13.1)
    multipart-post (2.0.0)
    netrc (0.11.0)
    nio4r (2.3.1)
    nokogiri (1.8.4)
      mini_portile2 (~> 2.3.0)
    os (1.0.0)
    public_suffix (3.0.3)
    rack (2.0.5)
    rack-test (0.6.3)
      rack (>= 1.0)
    rails (5.0.7)
      actioncable (= 5.0.7)
      actionmailer (= 5.0.7)
      actionpack (= 5.0.7)
      actionview (= 5.0.7)
      activejob (= 5.0.7)
      activemodel (= 5.0.7)
      activerecord (= 5.0.7)
      activesupport (= 5.0.7)
      bundler (>= 1.3.0)
      railties (= 5.0.7)
      sprockets-rails (>= 2.0.0)
    rails-dom-testing (2.0.3)
      activesupport (>= 4.2.0)
      nokogiri (>= 1.6)
    rails-html-sanitizer (1.0.4)
      loofah (~> 2.2, >= 2.2.2)
    railties (5.0.7)
      actionpack (= 5.0.7)
      activesupport (= 5.0.7)
      method_source
      rake (>= 0.8.7)
      thor (>= 0.18.1, < 2.0)
    rake (12.3.1)
    rb-fsevent (0.10.3)
    rb-inotify (0.9.10)
      ffi (>= 0.5.0, < 2)
    rdoc (4.3.0)
    representable (3.0.4)
      declarative (< 0.1.0)
      declarative-option (< 0.2.0)
      uber (< 0.2.0)
    rest-client (2.0.2)
      http-cookie (>= 1.0.2, < 2.0)
      mime-types (>= 1.16, < 4.0)
      netrc (~> 0.8)
    retriable (3.1.2)
    sass (3.5.7)
      sass-listen (~> 4.0.0)
    sass-listen (4.0.0)
      rb-fsevent (~> 0.9, >= 0.9.4)
      rb-inotify (~> 0.9, >= 0.9.7)
    sass-rails (5.0.7)
      railties (>= 4.0.0, < 6)
      sass (~> 3.1)
      sprockets (>= 2.8, < 4.0)
      sprockets-rails (>= 2.0, < 4.0)
      tilt (>= 1.1, < 3)
    sdoc (0.4.2)
      json (~> 1.7, >= 1.7.7)
      rdoc (~> 4.0)
    signet (0.9.1)
      addressable (~> 2.3)
      faraday (~> 0.9)
      jwt (>= 1.5, < 3.0)
      multi_json (~> 1.10)
    spring (2.0.2)
      activesupport (>= 4.2)
    sprockets (3.7.2)
      concurrent-ruby (~> 1.0)
      rack (> 1, < 3)
    sprockets-rails (3.2.1)
      actionpack (>= 4.0)
      activesupport (>= 4.0)
      sprockets (>= 3.0.0)
    sqlite3 (1.3.13)
    thor (0.20.0)
    thread_safe (0.3.6)
    tilt (2.0.8)
    turbolinks (5.2.0)
      turbolinks-source (~> 5.2)
    turbolinks-source (5.2.0)
    tzinfo (1.2.5)
      thread_safe (~> 0.1)
    uber (0.1.0)
    uglifier (4.1.18)
      execjs (>= 0.3.0, < 3)
    unf (0.1.4)
      unf_ext
    unf_ext (0.0.7.5)
    web-console (2.3.0)
      activemodel (>= 4.0)
      binding_of_caller (>= 0.7.2)
      railties (>= 4.0)
      sprockets-rails (>= 2.0, < 4.0)
    websocket-driver (0.6.5)
      websocket-extensions (>= 0.1.0)
    websocket-extensions (0.1.3)

PLATFORMS
  ruby

DEPENDENCIES
  byebug
  coffee-rails (~> 4.1.0)
  config
  faker
  google_drive
  jbuilder (~> 2.0)
  jquery-rails
  json
  rails (~> 5.0)
  rest-client
  sass-rails (~> 5.0)
  sdoc (~> 0.4.0)
  spring
  sqlite3
  turbolinks
  uglifier (>= 1.3.0)
  web-console (~> 2.0)

BUNDLED WITH
   1.16.0
